PATH
  remote: .
  specs:
    tmuxall (0.0.1)

GEM
  remote: https://rubygems.org/
  specs:
    colorize (0.5.8)
    coveralls (0.6.3)
      colorize
      multi_json (~> 1.3)
      rest-client
      simplecov (>= 0.7)
      thor
    mime-types (1.21)
    multi_json (1.7.2)
    rake (10.0.3)
    rest-client (1.6.7)
      mime-types (>= 1.16)
    simplecov (0.7.1)
      multi_json (~> 1.0)
      simplecov-html (~> 0.7.1)
    simplecov-html (0.7.1)
    thor (0.18.0)

PLATFORMS
  ruby

DEPENDENCIES
  coveralls
  rake
  simplecov
  tmuxall!
