PATH
  remote: .
  specs:
    tmuxall (0.0.1)

GEM
  remote: https://rubygems.org/
  specs:
    ansi (1.4.3)
    rake (10.0.3)
    turn (0.9.6)
      ansi

PLATFORMS
  ruby

DEPENDENCIES
  rake
  tmuxall!
  turn (~> 0.9)
